GEM
  remote: https://rubygems.org/
  specs:
    addressable (2.3.5)
    backports (3.3.3)
    coderay (1.1.0)
    diff-lcs (1.1.3)
    dotenv (2.0.2)
    eventmachine (1.0.3)
    faraday (0.8.8)
      multipart-post (~> 1.2.0)
    faraday_middleware (0.9.0)
      faraday (>= 0.7.4, < 0.9)
    haml (3.0.25)
    hashie (2.0.5)
    json (1.8.0)
    method_source (0.8.2)
    multi_json (1.7.8)
    multipart-post (1.2.0)
    netrc (0.7.7)
    octokit (1.24.0)
      addressable (~> 2.2)
      faraday (~> 0.8)
      faraday_middleware (~> 0.9)
      hashie (~> 2.0)
      multi_json (~> 1.3)
      netrc (~> 0.7.7)
    parseconfig (1.0.2)
    pry (0.10.1)
      coderay (~> 1.1.0)
      method_source (~> 0.8.1)
      slop (~> 3.4)
    puma (2.5.1)
      rack (>= 1.1, < 2.0)
    rack (1.5.2)
    rack-protection (1.5.0)
      rack
    rack-test (0.6.2)
      rack (>= 1.0)
    rake (10.0.4)
    rspec (2.11.0)
      rspec-core (~> 2.11.0)
      rspec-expectations (~> 2.11.0)
      rspec-mocks (~> 2.11.0)
    rspec-core (2.11.1)
    rspec-expectations (2.11.3)
      diff-lcs (~> 1.1.3)
    rspec-mocks (2.11.3)
    shotgun (0.9)
      rack (>= 1.0)
    sinatra (1.4.3)
      rack (~> 1.4)
      rack-protection (~> 1.4)
      tilt (~> 1.3, >= 1.3.4)
    sinatra-contrib (1.4.0)
      backports (>= 2.0)
      eventmachine
      rack-protection
      rack-test
      sinatra (~> 1.4.2)
      tilt (~> 1.3)
    slop (3.6.0)
    tilt (1.4.1)

PLATFORMS
  ruby

DEPENDENCIES
  dotenv
  faraday (~> 0.8.8)
  haml (~> 3.0.25)
  json (~> 1.8.0)
  octokit (~> 1.24.0)
  parseconfig (~> 1.0.2)
  pry
  puma (~> 2.5.1)
  rack (~> 1.5.2)
  rack-test (~> 0.6.2)
  rake (~> 10.0.3)
  rspec (~> 2.11.0)
  rspec-mocks (~> 2.11.2)
  shotgun (~> 0.9)
  sinatra (~> 1.4.3)
  sinatra-contrib (~> 1.4.0)
